GEM
  remote: http://rubygems.org/
  remote: http://gems.github.com/
  specs:
    libxml-ruby (2.3.2)
    rake (0.9.2.2)

PLATFORMS
  ruby

DEPENDENCIES
  libxml-ruby
  rake
